GEM
  remote: https://rubygems.org/
  specs:
    addressable (2.3.8)
    coderay (1.1.0)
    faraday (0.9.2)
      multipart-post (>= 1.2, < 3)
    fastimage (1.6.8)
      addressable (~> 2.3, >= 2.3.5)
    hashie (3.4.2)
    method_source (0.8.2)
    multi_json (1.10.1)
    multipart-post (2.0.0)
    pry (0.10.2-x64-mingw32)
      coderay (~> 1.1.0)
      method_source (~> 0.8.1)
      slop (~> 3.4)
      win32console (~> 1.3)
    redd (0.7.8)
      faraday (~> 0.9.1)
      fastimage (~> 1.6.6)
      hashie (~> 3.4.0)
      multi_json (~> 1.10.1)
    rufus-scheduler (3.1.6)
    slop (3.6.0)
    win32console (1.3.2)

PLATFORMS
  x64-mingw32

DEPENDENCIES
  oj
  pry
  redd (~> 0.7.0)
  rufus-scheduler
